GEM
  remote: https://rubygems.org/
  specs:
    coderay (1.1.2)
    ipaddress (0.8.3)
    method_source (0.9.0)
    parallel (1.12.1)
    pry (0.11.3)
      coderay (~> 1.1.0)
      method_source (~> 0.9.0)
    redis (4.0.2)
    systemu (2.6.5)

PLATFORMS
  ruby

DEPENDENCIES
  bundler
  ipaddress
  parallel
  pry
  redis
  systemu

BUNDLED WITH
   1.16.1
